PATH
  remote: .
  specs:
    es6_promise_polyfill_rails (0.1.1)

GEM
  remote: https://rubygems.org/
  specs:
    minitest (5.8.4)
    rake (10.5.0)

PLATFORMS
  ruby

DEPENDENCIES
  bundler (~> 1.11)
  es6_promise_polyfill_rails!
  minitest (~> 5.0)
  rake (~> 10.0)

BUNDLED WITH
   1.11.2
